GEM
  remote: https://rubygems.org/
  specs:
    ast (1.1.0)
    debase (0.0.9)
      debugger-ruby_core_source
    debugger-ruby_core_source (1.3.2)
    diff-lcs (1.2.5)
    hiredis (0.4.5)
    json (1.8.1)
    mime-types (2.1)
    parser (2.1.5)
      ast (~> 1.1)
      slop (~> 3.4, >= 3.4.5)
    powerpack (0.0.9)
    rainbow (2.0.0)
    rake (10.1.1)
    redis (3.0.7)
    rest-client (1.6.7)
      mime-types (>= 1.16)
    rspec (3.0.0.beta2)
      rspec-core (= 3.0.0.beta2)
      rspec-expectations (= 3.0.0.beta2)
      rspec-mocks (= 3.0.0.beta2)
    rspec-core (3.0.0.beta2)
      rspec-support (= 3.0.0.beta2)
    rspec-expectations (3.0.0.beta2)
      diff-lcs (>= 1.2.0, < 2.0)
      rspec-support (= 3.0.0.beta2)
    rspec-mocks (3.0.0.beta2)
      rspec-support (= 3.0.0.beta2)
    rspec-support (3.0.0.beta2)
    rubocop (0.18.1)
      json (>= 1.7.7, < 2)
      parser (~> 2.1.3)
      powerpack (~> 0.0.6)
      rainbow (>= 1.99.1, < 3.0)
    ruby-debug-ide (0.4.22)
      rake (>= 0.8.1)
    slop (3.4.7)

PLATFORMS
  ruby

DEPENDENCIES
  debase
  hiredis
  rake
  redis
  rest-client
  rspec (>= 3.0.0beta1)
  rubocop
  ruby-debug-ide
